PATH
  remote: .
  specs:
    dynamic_content (1.0.0)
      dragonfly (~> 1.1.5)

GEM
  remote: https://rubygems.org/
  specs:
    addressable (2.5.2)
      public_suffix (>= 2.0.2, < 4.0)
    dragonfly (1.1.5)
      addressable (~> 2.3)
      multi_json (~> 1.0)
      rack (>= 1.3)
    multi_json (1.13.1)
    public_suffix (3.0.2)
    rack (2.0.5)

PLATFORMS
  ruby

DEPENDENCIES
  dynamic_content!

BUNDLED WITH
   1.16.1
